GEM
  remote: https://rubygems.org/
  specs:
    chunky_png (1.4.0)
    dotenv (3.1.7)
    rqrcode (2.2.0)
      chunky_png (~> 1.0)
      rqrcode_core (~> 1.0)
    rqrcode_core (1.2.0)

PLATFORMS
  x86_64-linux

DEPENDENCIES
  dotenv
  rqrcode

BUNDLED WITH
   2.4.6
